GEM
  remote: http://rubygems.org/
  specs:
    activemodel (4.2.5)
      activesupport (= 4.2.5)
      builder (~> 3.1)
    activesupport (4.2.5)
      i18n (~> 0.7)
      json (~> 1.7, >= 1.7.7)
      minitest (~> 5.1)
      thread_safe (~> 0.3, >= 0.3.4)
      tzinfo (~> 1.1)
    addressable (2.3.8)
    ansi (1.5.0)
    ast (2.2.0)
    aws-sdk (2.2.9)
      aws-sdk-resources (= 2.2.9)
    aws-sdk-core (2.2.9)
      jmespath (~> 1.0)
    aws-sdk-resources (2.2.9)
      aws-sdk-core (= 2.2.9)
    backports (3.6.7)
    bond (0.5.1)
    builder (3.2.2)
    celluloid (0.17.2)
      celluloid-essentials
      celluloid-extras
      celluloid-fsm
      celluloid-pool
      celluloid-supervision
      timers (>= 4.1.1)
    celluloid-essentials (0.20.5)
      timers (>= 4.1.1)
    celluloid-extras (0.20.5)
      timers (>= 4.1.1)
    celluloid-fsm (0.20.5)
      timers (>= 4.1.1)
    celluloid-pool (0.20.5)
      timers (>= 4.1.1)
    celluloid-supervision (0.20.5)
      timers (>= 4.1.1)
    concurrent-ruby (1.0.0)
    concurrent-ruby-ext (1.0.0)
      concurrent-ruby (~> 1.0.0)
    config_env (0.1.0)
    crack (0.4.3)
      safe_yaml (~> 1.0.0)
    dalli (2.7.5)
    dynamoid (1.1.0)
      activemodel (~> 4)
      aws-sdk-resources (~> 2)
      concurrent-ruby (>= 1.0)
    eventmachine (1.0.8)
    hashdiff (0.2.3)
    hitimes (1.2.3)
    i18n (0.7.0)
    iconv (1.0.4)
    jmespath (1.1.3)
    joyceshop (0.0.3)
    json (1.8.3)
    minitest (5.8.3)
    minitest-rg (5.2.0)
      minitest (~> 5.0)
    oga (2.0.0)
      ast
      ruby-ll (~> 2.1)
    puma (2.15.3)
    queenshop (0.1.1)
    rack (1.6.4)
    rack-cors (0.4.0)
    rack-protection (1.5.3)
      rack
    rack-test (0.6.3)
      rack (>= 1.0)
    rake (10.4.2)
    ripl (0.7.1)
      bond (~> 0.5.1)
    ripl-multi_line (0.3.1)
      ripl (>= 0.3.6)
    ripl-rack (0.2.1)
      rack (>= 1.0)
      rack-test (~> 0.6.2)
      ripl (>= 0.7.0)
    ruby-ll (2.1.2)
      ansi
      ast
    safe_yaml (1.0.4)
    shoryuken (2.0.3)
      aws-sdk-core (~> 2)
      celluloid (~> 0.16)
    sinatra (1.3.6)
      rack (~> 1.4)
      rack-protection (~> 1.3)
      tilt (~> 1.3, >= 1.3.3)
    sinatra-contrib (1.3.1)
      backports (>= 2.0)
      eventmachine
      rack-protection
      rack-test
      sinatra (~> 1.3.0)
      tilt (~> 1.3)
    sinatra-cross_origin (0.3.2)
    stylemooncat (0.0.12)
    thread_safe (0.3.5)
    tilt (1.4.1)
    timers (4.1.1)
      hitimes
    tux (0.3.0)
      ripl (>= 0.3.5)
      ripl-multi_line (>= 0.2.4)
      ripl-rack (>= 0.2.0)
      sinatra (>= 1.2.1)
    tzinfo (1.2.2)
      thread_safe (~> 0.1)
    vcr (3.0.1)
    webmock (1.22.5)
      addressable (< 2.4.0)
      crack (>= 0.3.2)
      hashdiff

PLATFORMS
  ruby

DEPENDENCIES
  activesupport
  aws-sdk (~> 2)
  concurrent-ruby-ext
  config_env
  dalli
  dynamoid (~> 1)
  iconv
  joyceshop
  json
  minitest
  minitest-rg
  oga
  puma
  queenshop
  rack
  rack-cors
  rack-test
  rake
  shoryuken
  sinatra
  sinatra-contrib (= 1.3.1)
  sinatra-cross_origin (~> 0.3.1)
  stylemooncat
  tux
  vcr
  webmock

BUNDLED WITH
   1.10.6
